GEM
  remote: http://rubygems.org/
  specs:
    addressable (2.2.3)
    crack (0.1.8)
    diff-lcs (1.1.2)
    faraday (0.5.4)
      addressable (~> 2.2.2)
      multipart-post (~> 1.1.0)
      rack (>= 1.1.0, < 2)
    faraday_middleware (0.3.1)
      faraday (~> 0.5.3)
    multi_xml (0.2.0)
    multipart-post (1.1.0)
    rack (1.2.1)
    rake (0.8.7)
    rspec (2.4.0)
      rspec-core (~> 2.4.0)
      rspec-expectations (~> 2.4.0)
      rspec-mocks (~> 2.4.0)
    rspec-core (2.4.0)
    rspec-expectations (2.4.0)
      diff-lcs (~> 1.1.2)
    rspec-mocks (2.4.0)
    webmock (1.6.2)
      addressable (>= 2.2.2)
      crack (>= 0.1.7)

PLATFORMS
  ruby

DEPENDENCIES
  bundler (~> 1.0.9)
  faraday (= 0.5.4)
  faraday_middleware (= 0.3.1)
  multi_xml (= 0.2.0)
  rake (= 0.8.7)
  rspec (~> 2.4.0)
  webmock (~> 1.6.2)
